GEM
  remote: https://rubygems.org/
  specs:
    coderay
    coveralls
      json
      simplecov
      term-ansicolor
      thor
      tins
    diff-lcs
    docile
    json
    method_source
    pry
      coderay
      method_source
      slop
    require_all
    rspec (3.3.0)
      rspec-core
      rspec-expectations
      rspec-mocks
    rspec-core
      rspec-support
    rspec-expectations
      diff-lcs
      rspec-support
    rspec-mocks
      diff-lcs
      rspec-support
    rspec-support
    simplecov
      docile
      json
      simplecov-html
    simplecov-html
    slop
    term-ansicolor
      tins
    thor
    tins
PLATFORMS
  ruby

DEPENDENCIES
  coveralls
  pry
  require_all
  rspec

BUNDLED WITH
   1.13.1
